GEM
  remote: https://rubygems.org/
  specs:
    bcrypt (3.1.20)
    mysql2 (0.5.6)
    nio4r (2.7.3)
    puma (6.4.2)
      nio4r (~> 2.0)
    rack (3.0.11)

PLATFORMS
  x64-mingw32

DEPENDENCIES
  bcrypt
  mysql2 (~> 0.5.3)
  puma (~> 6.4)
  rack (~> 3.0)

BUNDLED WITH
   2.5.9
